STORAGE: PACKAGES
RESTRICTION: || (== netcoreapp3.1) (== netstandard2.0)
NUGET
  remote: https://www.nuget.org/api/v2
    Common.Logging.Core (3.4.1)
      Microsoft.CSharp (>= 4.0.1)
    FSharp.Core (4.6.2)
    FSharp.Json (0.4)
      FSharp.Core (>= 4.6.2)
    Microsoft.Bcl.AsyncInterfaces (5.0) - restriction: || (&& (== netcoreapp3.1) (>= monotouch)) (&& (== netcoreapp3.1) (>= net461)) (&& (== netcoreapp3.1) (< netcoreapp2.0)) (&& (== netcoreapp3.1) (< netcoreapp2.1)) (&& (== netcoreapp3.1) (< netcoreapp3.0)) (&& (== netcoreapp3.1) (< netstandard2.0) (>= xamarintvos)) (&& (== netcoreapp3.1) (< netstandard2.0) (>= xamarinwatchos)) (&& (== netcoreapp3.1) (>= uap10.1)) (== netstandard2.0)
      System.Threading.Tasks.Extensions (>= 4.5.4) - restriction: || (&& (== netcoreapp3.1) (>= net461)) (&& (== netcoreapp3.1) (< netcoreapp2.1) (< netstandard2.1)) (== netstandard2.0)
    Microsoft.CSharp (4.7)
    Microsoft.NETCore.Platforms (5.0.2) - restriction: || (&& (== netcoreapp3.1) (>= net461)) (&& (== netcoreapp3.1) (< netcoreapp2.1)) (&& (== netcoreapp3.1) (< netstandard1.0)) (&& (== netcoreapp3.1) (< netstandard1.2)) (&& (== netcoreapp3.1) (< netstandard1.3)) (&& (== netcoreapp3.1) (< netstandard1.4)) (&& (== netcoreapp3.1) (< netstandard1.5)) (&& (== netcoreapp3.1) (< netstandard1.6)) (&& (== netcoreapp3.1) (< netstandard2.0)) (&& (== netcoreapp3.1) (< portable-net45+win8+wpa81)) (&& (== netcoreapp3.1) (>= uap10.1)) (&& (== netcoreapp3.1) (>= wp8)) (== netstandard2.0)
    Nethereum.ABI (3.8)
      Nethereum.Hex (>= 3.8)
      Nethereum.Util (>= 3.8)
      NETStandard.Library (>= 2.0.3) - restriction: || (&& (== netcoreapp3.1) (< netcoreapp2.1)) (== netstandard2.0)
      Newtonsoft.Json (>= 10.0.3 < 13.0)
      Portable.BouncyCastle (>= 1.8.2)
    Nethereum.Accounts (3.8)
      Nethereum.KeyStore (>= 3.8)
      Nethereum.RPC (>= 3.8)
      Nethereum.Signer (>= 3.8)
      Nethereum.Util (>= 3.8)
      NETStandard.Library (>= 2.0.3) - restriction: || (&& (== netcoreapp3.1) (< netcoreapp2.1)) (== netstandard2.0)
      Newtonsoft.Json (>= 10.0.3 < 13.0)
      Portable.BouncyCastle (>= 1.8.2)
    Nethereum.BlockchainProcessing (3.8)
      Nethereum.Contracts (>= 3.8)
      Nethereum.Hex (>= 3.8)
      Nethereum.JsonRpc.RpcClient (>= 3.8)
      Nethereum.KeyStore (>= 3.8)
      Nethereum.RPC (>= 3.8)
      Nethereum.Signer (>= 3.8)
      Nethereum.Util (>= 3.8)
      NETStandard.Library (>= 2.0.3) - restriction: || (&& (== netcoreapp3.1) (< netcoreapp2.1)) (== netstandard2.0)
      Newtonsoft.Json (>= 10.0.3 < 13.0)
      Portable.BouncyCastle (>= 1.8.2)
    Nethereum.Contracts (3.8)
      Nethereum.ABI (>= 3.8)
      Nethereum.Hex (>= 3.8)
      Nethereum.RPC (>= 3.8)
      NETStandard.Library (>= 2.0.3) - restriction: || (&& (== netcoreapp3.1) (< netcoreapp2.1)) (== netstandard2.0)
      Newtonsoft.Json (>= 10.0.3 < 13.0)
      Portable.BouncyCastle (>= 1.8.2)
    Nethereum.Hex (3.8)
      NETStandard.Library (>= 2.0.3) - restriction: || (&& (== netcoreapp3.1) (< netcoreapp2.1)) (== netstandard2.0)
      Newtonsoft.Json (>= 10.0.3 < 13.0)
      Portable.BouncyCastle (>= 1.8.2)
    Nethereum.JsonRpc.Client (3.8)
      Common.Logging.Core (>= 3.4.1)
      NETStandard.Library (>= 2.0.3) - restriction: || (&& (== netcoreapp3.1) (< netcoreapp2.1)) (== netstandard2.0)
      Newtonsoft.Json (>= 10.0.3 < 13.0)
      Portable.BouncyCastle (>= 1.8.2)
    Nethereum.JsonRpc.RpcClient (3.8)
      Nethereum.JsonRpc.Client (>= 3.8)
      NETStandard.Library (>= 2.0.3) - restriction: || (&& (== netcoreapp3.1) (< netcoreapp2.1)) (== netstandard2.0)
      Newtonsoft.Json (>= 10.0.3 < 13.0)
      Portable.BouncyCastle (>= 1.8.2)
    Nethereum.KeyStore (3.8)
      Nethereum.Hex (>= 3.8)
      NETStandard.Library (>= 2.0.3) - restriction: || (&& (== netcoreapp3.1) (< netcoreapp2.1)) (== netstandard2.0)
      Newtonsoft.Json (>= 10.0.3 < 13.0)
      Portable.BouncyCastle (>= 1.8.2)
    Nethereum.Model (3.8)
      Nethereum.RLP (>= 3.8)
      Nethereum.Util (>= 3.8)
      NETStandard.Library (>= 2.0.3) - restriction: || (&& (== netcoreapp3.1) (< netcoreapp2.1)) (== netstandard2.0)
      Newtonsoft.Json (>= 10.0.3 < 13.0)
      Portable.BouncyCastle (>= 1.8.2)
    Nethereum.RLP (3.8)
      Nethereum.Hex (>= 3.8)
      NETStandard.Library (>= 2.0.3) - restriction: || (&& (== netcoreapp3.1) (< netcoreapp2.1)) (== netstandard2.0)
      Newtonsoft.Json (>= 10.0.3 < 13.0)
      Portable.BouncyCastle (>= 1.8.2)
    Nethereum.RPC (3.8)
      Nethereum.Hex (>= 3.8)
      Nethereum.JsonRpc.Client (>= 3.8)
      Nethereum.Model (>= 3.8)
      Nethereum.Util (>= 3.8)
      NETStandard.Library (>= 2.0.3) - restriction: || (&& (== netcoreapp3.1) (< netcoreapp2.1)) (== netstandard2.0)
      Newtonsoft.Json (>= 10.0.3 < 13.0)
      Portable.BouncyCastle (>= 1.8.2)
    Nethereum.Signer (3.8)
      Nethereum.Hex (>= 3.8)
      Nethereum.Model (>= 3.8)
      Nethereum.RLP (>= 3.8)
      Nethereum.Util (>= 3.8)
      NETStandard.Library (>= 2.0.3) - restriction: || (&& (== netcoreapp3.1) (< netcoreapp2.1)) (== netstandard2.0)
      Newtonsoft.Json (>= 10.0.3 < 13.0)
      Portable.BouncyCastle (>= 1.8.2)
    Nethereum.Util (3.8)
      Nethereum.Hex (>= 3.8)
      Nethereum.RLP (>= 3.8)
      NETStandard.Library (>= 2.0.3) - restriction: || (&& (== netcoreapp3.1) (< netcoreapp2.1)) (== netstandard2.0)
      Newtonsoft.Json (>= 10.0.3 < 13.0)
      Portable.BouncyCastle (>= 1.8.2)
    Nethereum.Web3 (3.8)
      Nethereum.ABI (>= 3.8)
      Nethereum.Accounts (>= 3.8)
      Nethereum.BlockchainProcessing (>= 3.8)
      Nethereum.Contracts (>= 3.8)
      Nethereum.Hex (>= 3.8)
      Nethereum.JsonRpc.RpcClient (>= 3.8)
      Nethereum.KeyStore (>= 3.8)
      Nethereum.RPC (>= 3.8)
      Nethereum.Signer (>= 3.8)
      Nethereum.Util (>= 3.8)
      NETStandard.Library (>= 2.0.3) - restriction: || (&& (== netcoreapp3.1) (< netcoreapp2.1)) (== netstandard2.0)
      Newtonsoft.Json (>= 10.0.3 < 13.0)
      Portable.BouncyCastle (>= 1.8.2)
    NETStandard.Library (2.0.3) - restriction: || (&& (== netcoreapp3.1) (< netcoreapp2.1)) (== netstandard2.0)
      Microsoft.NETCore.Platforms (>= 1.1)
    NETStandard.Library.NETFramework (2.0.0-preview2-25405-01)
    Newtonsoft.Json (12.0.3)
    Portable.BouncyCastle (1.8.10)
    System.Buffers (4.5.1) - restriction: || (&& (== netcoreapp3.1) (>= monotouch)) (&& (== netcoreapp3.1) (>= net461)) (&& (== netcoreapp3.1) (< netcoreapp2.0)) (&& (== netcoreapp3.1) (< netstandard2.0) (>= xamarintvos)) (&& (== netcoreapp3.1) (< netstandard2.0) (>= xamarinwatchos)) (== netstandard2.0)
    System.Memory (4.5.4) - restriction: || (&& (== netcoreapp3.1) (>= net461)) (&& (== netcoreapp3.1) (< netcoreapp2.0)) (&& (== netcoreapp3.1) (< netcoreapp2.1)) (&& (== netcoreapp3.1) (>= uap10.1)) (== netstandard2.0)
      System.Buffers (>= 4.5.1) - restriction: || (&& (== netcoreapp3.1) (>= monotouch)) (&& (== netcoreapp3.1) (>= net461)) (&& (== netcoreapp3.1) (< netcoreapp2.0)) (&& (== netcoreapp3.1) (< netstandard1.1)) (&& (== netcoreapp3.1) (< netstandard2.0)) (&& (== netcoreapp3.1) (>= xamarinios)) (&& (== netcoreapp3.1) (>= xamarinmac)) (&& (== netcoreapp3.1) (>= xamarintvos)) (&& (== netcoreapp3.1) (>= xamarinwatchos)) (== netstandard2.0)
      System.Numerics.Vectors (>= 4.4) - restriction: || (&& (== netcoreapp3.1) (< netcoreapp2.0)) (== netstandard2.0)
      System.Runtime.CompilerServices.Unsafe (>= 4.5.3) - restriction: || (&& (== netcoreapp3.1) (>= monotouch)) (&& (== netcoreapp3.1) (>= net461)) (&& (== netcoreapp3.1) (< netcoreapp2.0)) (&& (== netcoreapp3.1) (< netcoreapp2.1)) (&& (== netcoreapp3.1) (< netstandard1.1)) (&& (== netcoreapp3.1) (< netstandard2.0)) (&& (== netcoreapp3.1) (>= uap10.1)) (&& (== netcoreapp3.1) (>= xamarinios)) (&& (== netcoreapp3.1) (>= xamarinmac)) (&& (== netcoreapp3.1) (>= xamarintvos)) (&& (== netcoreapp3.1) (>= xamarinwatchos)) (== netstandard2.0)
    System.Numerics.Vectors (4.5) - restriction: || (&& (== netcoreapp3.1) (>= net461)) (&& (== netcoreapp3.1) (< netcoreapp2.0)) (== netstandard2.0)
    System.Runtime.CompilerServices.Unsafe (5.0)
    System.Text.Encodings.Web (5.0.1)
      System.Buffers (>= 4.5.1) - restriction: || (&& (== netcoreapp3.1) (>= net461)) (&& (== netcoreapp3.1) (< netcoreapp2.0) (< netstandard2.1)) (== netstandard2.0)
      System.Memory (>= 4.5.4) - restriction: || (&& (== netcoreapp3.1) (>= net461)) (&& (== netcoreapp3.1) (< netcoreapp2.0) (< netstandard2.1)) (&& (== netcoreapp3.1) (< netcoreapp2.1) (< netstandard2.1)) (&& (== netcoreapp3.1) (>= uap10.1)) (== netstandard2.0)
    System.Text.Json (5.0.2)
      Microsoft.Bcl.AsyncInterfaces (>= 5.0) - restriction: || (&& (== netcoreapp3.1) (>= monotouch)) (&& (== netcoreapp3.1) (>= net461)) (&& (== netcoreapp3.1) (< netcoreapp2.0)) (&& (== netcoreapp3.1) (< netcoreapp2.1)) (&& (== netcoreapp3.1) (< netcoreapp3.0)) (&& (== netcoreapp3.1) (< netstandard2.0) (>= xamarintvos)) (&& (== netcoreapp3.1) (< netstandard2.0) (>= xamarinwatchos)) (&& (== netcoreapp3.1) (>= uap10.1)) (== netstandard2.0)
      System.Buffers (>= 4.5.1) - restriction: || (&& (== netcoreapp3.1) (>= monotouch)) (&& (== netcoreapp3.1) (>= net461)) (&& (== netcoreapp3.1) (< netcoreapp2.0)) (&& (== netcoreapp3.1) (< netstandard2.0) (>= xamarintvos)) (&& (== netcoreapp3.1) (< netstandard2.0) (>= xamarinwatchos)) (== netstandard2.0)
      System.Memory (>= 4.5.4) - restriction: || (&& (== netcoreapp3.1) (>= net461)) (&& (== netcoreapp3.1) (< netcoreapp2.0)) (&& (== netcoreapp3.1) (< netcoreapp2.1)) (&& (== netcoreapp3.1) (>= uap10.1)) (== netstandard2.0)
      System.Numerics.Vectors (>= 4.5) - restriction: || (&& (== netcoreapp3.1) (>= net461)) (&& (== netcoreapp3.1) (< netcoreapp2.0)) (== netstandard2.0)
      System.Runtime.CompilerServices.Unsafe (>= 5.0)
      System.Text.Encodings.Web (>= 5.0.1)
      System.Threading.Tasks.Extensions (>= 4.5.4) - restriction: || (&& (== netcoreapp3.1) (>= net461)) (&& (== netcoreapp3.1) (< netcoreapp2.0)) (&& (== netcoreapp3.1) (< netcoreapp2.1)) (&& (== netcoreapp3.1) (>= uap10.1)) (== netstandard2.0)
    System.Threading.Tasks.Extensions (4.5.4) - restriction: || (&& (== netcoreapp3.1) (>= net461)) (&& (== netcoreapp3.1) (< netcoreapp2.0)) (&& (== netcoreapp3.1) (< netcoreapp2.1)) (&& (== netcoreapp3.1) (>= uap10.1)) (== netstandard2.0)
      System.Runtime.CompilerServices.Unsafe (>= 4.5.3) - restriction: || (&& (== netcoreapp3.1) (>= net461)) (&& (== netcoreapp3.1) (< netcoreapp2.1)) (&& (== netcoreapp3.1) (< netstandard1.0)) (&& (== netcoreapp3.1) (< netstandard2.0)) (&& (== netcoreapp3.1) (>= wp8)) (== netstandard2.0)
GITHUB
  remote: fsprojects/FSharp.TypeProviders.SDK
    src/ProvidedTypes.fs (f4aca36af04aa84b16ec04df6f6bf55ac2f17a73)
    src/ProvidedTypes.fsi (f4aca36af04aa84b16ec04df6f6bf55ac2f17a73)
GROUP Test
RESTRICTION: == netcoreapp3.1
NUGET
  remote: https://www.nuget.org/api/v2
    FSharp.Core (4.3.4)
    Microsoft.NETCore.Platforms (5.0.2)
    NETStandard.Library (2.0.3)
      Microsoft.NETCore.Platforms (>= 1.1)
    NUnit (3.13.2)
      NETStandard.Library (>= 2.0)
    NUnit.Console (3.12)
      NUnit.ConsoleRunner (>= 3.12)
      NUnit.Extension.NUnitProjectLoader (>= 3.6)
      NUnit.Extension.NUnitV2Driver (>= 3.8)
      NUnit.Extension.NUnitV2ResultWriter (>= 3.6)
      NUnit.Extension.TeamCityEventListener (>= 1.0.7)
      NUnit.Extension.VSProjectLoader (>= 3.8)
    NUnit.ConsoleRunner (3.12)
    NUnit.Extension.NUnitProjectLoader (3.6)
    NUnit.Extension.NUnitV2Driver (3.8)
    NUnit.Extension.NUnitV2ResultWriter (3.6)
    NUnit.Extension.TeamCityEventListener (1.0.7)
    NUnit.Extension.VSProjectLoader (3.8)
    NUnit3TestAdapter (4.0.0) - version_in_path: true
